PATH
  remote: ./
  specs:
    sitemap_generator (1.4.0)

GEM
  remote: http://rubygems.org/
  specs:
    actionmailer (2.3.8)
      actionpack (= 2.3.8)
    actionpack (2.3.8)
      activesupport (= 2.3.8)
      rack (~> 1.1.0)
    activerecord (2.3.8)
      activesupport (= 2.3.8)
    activeresource (2.3.8)
      activesupport (= 2.3.8)
    activesupport (2.3.8)
    columnize (0.3.1)
    gemcutter (0.6.1)
    git (1.2.5)
    github (0.4.5)
      highline (~> 1.5.1)
      json (>= 1.2.0)
      text-format (>= 1.0.0)
    highline (1.5.2)
    jeweler (1.5.2)
      bundler (~> 1.0.0)
      git (>= 1.2.5)
      rake
    json (1.5.1)
    linecache (0.43)
    mocha (0.9.10)
      rake
    nokogiri (1.4.4)
    rack (1.1.2)
    rails (2.3.8)
      actionmailer (= 2.3.8)
      actionpack (= 2.3.8)
      activerecord (= 2.3.8)
      activeresource (= 2.3.8)
      activesupport (= 2.3.8)
      rake (>= 0.8.3)
    rake (0.8.7)
    rspec (1.3.1)
    rspec-rails (1.3.2)
      rack (>= 1.0.0)
      rspec (>= 1.3.0)
    ruby-debug (0.10.3)
      columnize (>= 0.1)
      ruby-debug-base (~> 0.10.3.0)
    ruby-debug-base (0.10.3)
      linecache (>= 0.3)
    sqlite3-ruby (1.3.1)
    text-format (1.0.0)
      text-hyphen (~> 1.0.0)
    text-hyphen (1.0.2)

PLATFORMS
  ruby

DEPENDENCIES
  gemcutter (= 0.6.1)
  git (= 1.2.5)
  github (= 0.4.5)
  jeweler (~> 1.5.2)
  mocha (= 0.9.10)
  nokogiri (= 1.4.4)
  rails (= 2.3.8)
  rake (= 0.8.7)
  rspec (= 1.3.1)
  rspec-rails (~> 1.3.2)
  ruby-debug (= 0.10.3)
  ruby-debug-base (= 0.10.3)
  sitemap_generator!
  sqlite3-ruby (= 1.3.1)
